GEM
  remote: https://rubygems.org/
  specs:
    rmagick (2.15.4)
    trollop (2.1.2)

PLATFORMS
  ruby

DEPENDENCIES
  rmagick
  trollop

BUNDLED WITH
   1.11.2
